PATH
  remote: .
  specs:
    omie-ruby (0.4.1)
      faraday (~> 2.0)

GEM
  remote: https://rubygems.org/
  specs:
    ansi (1.5.0)
    ast (2.4.2)
    base64 (0.2.0)
    builder (3.3.0)
    byebug (11.1.3)
    coderay (1.1.3)
    docile (1.4.1)
    faraday (2.12.0)
      faraday-net_http (>= 2.0, < 3.4)
      json
      logger
    faraday-net_http (3.3.0)
      net-http
    jaro_winkler (1.5.6)
    json (2.7.3)
    logger (1.6.1)
    method_source (1.1.0)
    minitest (5.25.1)
    minitest-reporters (1.7.1)
      ansi
      builder
      minitest (>= 5.0)
      ruby-progressbar
    net-http (0.4.1)
      uri
    parallel (1.26.3)
    parser (3.3.5.0)
      ast (~> 2.4.1)
      racc
    pry (0.14.2)
      coderay (~> 1.1)
      method_source (~> 1.0)
    pry-byebug (3.10.1)
      byebug (~> 11.0)
      pry (>= 0.13, < 0.15)
    racc (1.8.1)
    rainbow (3.1.1)
    rake (13.2.1)
    rexml (3.3.9)
    rubocop (0.82.0)
      jaro_winkler (~> 1.5.1)
      parallel (~> 1.10)
      parser (>= 2.7.0.1)
      rainbow (>= 2.2.2, < 4.0)
      rexml
      ruby-progressbar (~> 1.7)
      unicode-display_width (>= 1.4.0, < 2.0)
    ruby-progressbar (1.13.0)
    simplecov (0.18.5)
      docile (~> 1.1)
      simplecov-html (~> 0.11)
    simplecov-html (0.13.1)
    unicode-display_width (1.8.0)
    uri (0.13.1)
    vcr (6.3.1)
      base64

PLATFORMS
  ruby

DEPENDENCIES
  minitest (~> 5.14)
  minitest-reporters (~> 1.4)
  omie-ruby!
  pry-byebug (~> 3.7)
  rake (~> 13.0)
  rubocop (= 0.82.0)
  simplecov (~> 0.18.5)
  vcr (~> 6.0)

BUNDLED WITH
   2.2.3
