PATH
  remote: .
  specs:
    omie-ruby (0.1.0)
      faraday (~> 1.0)
      faraday_middleware (~> 1.0)

GEM
  remote: https://rubygems.org/
  specs:
    ansi (1.5.0)
    ast (2.4.1)
    builder (3.2.4)
    byebug (11.1.3)
    coderay (1.1.3)
    docile (1.3.2)
    faraday (1.0.1)
      multipart-post (>= 1.2, < 3)
    faraday_middleware (1.0.0)
      faraday (~> 1.0)
    jaro_winkler (1.5.4)
    method_source (1.0.0)
    minitest (5.14.1)
    minitest-reporters (1.4.2)
      ansi
      builder
      minitest (>= 5.0)
      ruby-progressbar
    multipart-post (2.1.1)
    parallel (1.19.2)
    parser (2.7.1.4)
      ast (~> 2.4.1)
    pry (0.13.1)
      coderay (~> 1.1)
      method_source (~> 1.0)
    pry-byebug (3.9.0)
      byebug (~> 11.0)
      pry (~> 0.13.0)
    rainbow (3.0.0)
    rake (13.0.1)
    rexml (3.2.4)
    rubocop (0.82.0)
      jaro_winkler (~> 1.5.1)
      parallel (~> 1.10)
      parser (>= 2.7.0.1)
      rainbow (>= 2.2.2, < 4.0)
      rexml
      ruby-progressbar (~> 1.7)
      unicode-display_width (>= 1.4.0, < 2.0)
    ruby-progressbar (1.10.1)
    simplecov (0.18.5)
      docile (~> 1.1)
      simplecov-html (~> 0.11)
    simplecov-html (0.12.2)
    unicode-display_width (1.7.0)
    vcr (6.0.0)

PLATFORMS
  ruby

DEPENDENCIES
  minitest (~> 5.14)
  minitest-reporters (~> 1.4)
  omie-ruby!
  pry-byebug (~> 3.7)
  rake (~> 13.0)
  rubocop (= 0.82.0)
  simplecov (~> 0.18.5)
  vcr (~> 6.0)

BUNDLED WITH
   2.0.2
